GEM
  remote: https://rubygems.org/
  specs:
    compass-import-once (1.0.4)
      sass (>= 3.2, < 3.5)
    sass (3.3.13)

PLATFORMS
  ruby

DEPENDENCIES
  compass-import-once
